GEM
  remote: https://rubygems.org/
  specs:
    coderay (1.1.2)
    colorize (0.7.7)
    haml (5.1.2)
      temple (>= 0.8.0)
      tilt
    method_source (0.9.2)
    mustermann (2.0.2)
      ruby2_keywords (~> 0.0.1)
    pry (0.11.3)
      coderay (~> 1.1.0)
      method_source (~> 0.9.0)
    rack (2.2.4)
    rack-protection (2.2.3)
      rack
    ruby2_keywords (0.0.5)
    sinatra (2.2.3)
      mustermann (~> 2.0)
      rack (~> 2.2)
      rack-protection (= 2.2.3)
      tilt (~> 2.0)
    temple (0.8.2)
    tilt (2.0.11)

PLATFORMS
  ruby

DEPENDENCIES
  colorize (~> 0.7.7)
  haml
  pry (~> 0.11.3)
  sinatra (~> 2.2.3)

RUBY VERSION
   ruby 2.5.0p0

BUNDLED WITH
   1.17.1
